GEM
  remote: https://rubygems.org/
  specs:
    active_support (3.0.0)
      activesupport (= 3.0.0)
    activesupport (3.0.0)
    bson (1.7.0)
    coderay (1.0.8)
    diff-lcs (1.1.3)
    haml (3.1.7)
    i18n (0.6.1)
    json (1.7.5)
    method_source (0.8.1)
    mongo (1.7.0)
      bson (~> 1.7.0)
    pry (0.9.10)
      coderay (~> 1.0.5)
      method_source (~> 0.8)
      slop (~> 3.3.1)
    rack (1.4.1)
    rack-protection (1.2.0)
      rack
    rspec (2.11.0)
      rspec-core (~> 2.11.0)
      rspec-expectations (~> 2.11.0)
      rspec-mocks (~> 2.11.0)
    rspec-core (2.11.1)
    rspec-expectations (2.11.3)
      diff-lcs (~> 1.1.3)
    rspec-mocks (2.11.3)
    shotgun (0.9)
      rack (>= 1.0)
    sinatra (1.3.3)
      rack (~> 1.3, >= 1.3.6)
      rack-protection (~> 1.2)
      tilt (~> 1.3, >= 1.3.3)
    slop (3.3.3)
    tilt (1.3.3)

PLATFORMS
  ruby

DEPENDENCIES
  active_support
  haml
  i18n
  json
  mongo
  pry
  rack
  rspec
  shotgun
  sinatra
